GEM
  remote: http://rubygems.org/
  specs:
    activesupport (4.0.1)
      i18n (~> 0.6, >= 0.6.4)
      minitest (~> 4.2)
      multi_json (~> 1.3)
      thread_safe (~> 0.1)
      tzinfo (~> 0.3.37)
    addressable (2.3.5)
    atomic (1.1.14)
    haml (4.0.4)
      tilt
    i18n (0.6.5)
    json_pure (1.8.1)
    minitest (4.7.5)
    multi_json (1.8.2)
    net-http-persistent (2.9)
    rack (1.5.2)
    rack-protection (1.5.0)
      rack
    rdf (1.0.10.2)
      addressable (>= 2.3)
    sass (3.2.12)
    sinatra (1.4.3)
      rack (~> 1.4)
      rack-protection (~> 1.4)
      tilt (~> 1.3, >= 1.3.4)
    sparql-client (1.0.4.1)
      json_pure (>= 1.4)
      net-http-persistent (>= 1.4)
      rdf (>= 1.0)
    thread_safe (0.1.3)
      atomic
    tilt (1.4.1)
    tzinfo (0.3.38)

PLATFORMS
  ruby

DEPENDENCIES
  activesupport
  haml
  sass
  sinatra
  sparql-client
